GEM
  remote: http://rubygems.org/
  specs:
    builder (3.0.0)
    diff-lcs (1.1.2)
    fakeweb (1.3.0)
    git (1.2.5)
    happymapper (0.3.2)
      libxml-ruby (~> 1.1.3)
    jeweler (1.6.4)
      bundler (~> 1.0)
      git (>= 1.2.5)
      rake
    libxml-ruby (1.1.4)
    mime-types (1.16)
    nokogiri (1.5.0)
    pivotal-tracker (0.4.1)
      builder
      builder
      happymapper (>= 0.3.2)
      happymapper (>= 0.3.2)
      nokogiri (>= 1.4.3)
      nokogiri (~> 1.4)
      rest-client (~> 1.6.0)
      rest-client (~> 1.6.0)
    rake (0.9.2)
    rest-client (1.6.7)
      mime-types (>= 1.16)
    rspec (2.5.0)
      rspec-core (~> 2.5.0)
      rspec-expectations (~> 2.5.0)
      rspec-mocks (~> 2.5.0)
    rspec-core (2.5.1)
    rspec-expectations (2.5.0)
      diff-lcs (~> 1.1.2)
    rspec-mocks (2.5.0)
    rufus-scheduler (2.0.8)
      tzinfo (>= 0.3.23)
    tzinfo (0.3.26)

PLATFORMS
  ruby

DEPENDENCIES
  fakeweb
  jeweler
  pivotal-tracker (~> 0.4.0)
  rspec
  rufus-scheduler
